GEM
  remote: http://rubygems.org/
  specs:
    Platform (0.4.0)
    open4 (1.2.0)
    popen4 (0.1.2)
      Platform (>= 0.4.0)
      open4 (>= 0.4.0)
    thor (0.14.6)

PLATFORMS
  ruby

DEPENDENCIES
  popen4
  thor
